GEM
  remote: https://rubygems.org/
  specs:
    byebug (11.1.3)
    nokogiri (1.12.3-x86_64-darwin)
      racc (~> 1.4)
    racc (1.5.2)

PLATFORMS
  x86_64-darwin-20

DEPENDENCIES
  byebug
  nokogiri

BUNDLED WITH
   2.2.25
